GEM
  remote: https://rubygems.org/
  specs:
    sorbet (0.4.4507)
      sorbet-static (= 0.4.4507)
    sorbet-runtime (0.4.4507)
    sorbet-static (0.4.4507-universal-darwin-14)

PLATFORMS
  ruby

DEPENDENCIES
  sorbet
  sorbet-runtime

RUBY VERSION
   ruby 2.6.3p62

BUNDLED WITH
   2.0.2
